GEM
  remote: http://rubygems.org/
  specs:
    net-yail (1.5.1)

PLATFORMS
  ruby

DEPENDENCIES
  net-yail (>= 0.0.0)
